PATH
  remote: .
  specs:
    xcodesnippets (0.2.1)
      clamp (~> 0.2.1)
      highline (~> 1.6.2)
      plist (~> 3.1.0)
      uuidtools (~> 2.1.2)

GEM
  remote: http://rubygems.org/
  specs:
    archive-tar-minitar (0.5.2)
    builder (3.0.0)
    clamp (0.2.1)
    columnize (0.3.4)
    cucumber (1.0.1)
      builder (>= 2.1.2)
      diff-lcs (>= 1.1.2)
      gherkin (~> 2.4.5)
      json (>= 1.4.6)
      term-ansicolor (>= 1.0.5)
    diff-lcs (1.1.2)
    gherkin (2.4.5)
      json (>= 1.4.6)
    highline (1.6.2)
    json (1.5.3)
    linecache19 (0.5.12)
      ruby_core_source (>= 0.1.4)
    plist (3.1.0)
    rake (0.9.2)
    rspec (2.6.0)
      rspec-core (~> 2.6.0)
      rspec-expectations (~> 2.6.0)
      rspec-mocks (~> 2.6.0)
    rspec-core (2.6.4)
    rspec-expectations (2.6.0)
      diff-lcs (~> 1.1.2)
    rspec-mocks (2.6.0)
    ruby-debug-base19 (0.11.25)
      columnize (>= 0.3.1)
      linecache19 (>= 0.5.11)
      ruby_core_source (>= 0.1.4)
    ruby-debug19 (0.11.6)
      columnize (>= 0.3.1)
      linecache19 (>= 0.5.11)
      ruby-debug-base19 (>= 0.11.19)
    ruby_core_source (0.1.5)
      archive-tar-minitar (>= 0.5.2)
    term-ansicolor (1.0.5)
    uuidtools (2.1.2)

PLATFORMS
  ruby

DEPENDENCIES
  clamp (~> 0.2.1)
  cucumber
  highline (~> 1.6.2)
  plist (~> 3.1.0)
  rake
  rspec
  ruby-debug19
  uuidtools (~> 2.1.2)
  xcodesnippets!
